GEM
  remote: https://rubygems.org/
  specs:
    dotenv (0.6.0)
    faraday (0.8.7)
      multipart-post (~> 1.1)
    gabbler (0.1.0)
    marky_markov (0.3.4)
      ox (~> 1.4)
    multi_json (1.7.2)
    multipart-post (1.2.0)
    ox (1.9.4)
    simple_oauth (0.2.0)
    twitter (4.6.2)
      faraday (~> 0.8, < 0.10)
      multi_json (~> 1.0)
      simple_oauth (~> 0.2)

PLATFORMS
  ruby

DEPENDENCIES
  dotenv
  gabbler
  marky_markov
  twitter
