GEM
  remote: https://rubygems.org/
  specs:
    distribution (0.7.0)
    dotenv (0.6.0)
    faraday (0.8.7)
      multipart-post (~> 1.1)
    gabbler (0.1.0)
    hashie (2.0.3)
    httmultiparty (0.3.9)
      httparty (>= 0.7.3)
      multipart-post
    httparty (0.10.2)
      multi_json (~> 1.0)
      multi_xml (>= 0.5.2)
    literate_randomizer (0.4.0)
    marky_markov (0.3.4)
      ox (~> 1.4)
    multi_json (1.7.2)
    multi_xml (0.5.3)
    multipart-post (1.2.0)
    ox (1.9.4)
    simple_oauth (0.2.0)
    soundcloud (0.3.1)
      hashie
      httmultiparty (>= 0.3)
      httparty (>= 0.7.3)
    twitter (4.6.2)
      faraday (~> 0.8, < 0.10)
      multi_json (~> 1.0)
      simple_oauth (~> 0.2)

PLATFORMS
  ruby

DEPENDENCIES
  distribution
  dotenv
  gabbler
  literate_randomizer
  marky_markov
  soundcloud
  twitter
